GEM
  remote: http://rubygems.org/
  specs:
    activerecord (2.3.8)
      activesupport (= 2.3.8)
    activesupport (2.3.8)
    acts-as-list (0.1.2)
    addressable (2.2.6)
    builder (2.1.2)
    cgi_multipart_eof_fix (2.5.0)
    columnize (0.3.4)
    cucumber (0.8.5)
      builder (~> 2.1.2)
      diff-lcs (~> 1.1.2)
      gherkin (~> 2.1.4)
      json_pure (~> 1.4.3)
      term-ansicolor (~> 1.0.4)
    cucumber-rails (0.3.2)
      cucumber (>= 0.8.0)
    daemons (1.1.4)
    diff-lcs (1.1.3)
    erubis (2.7.0)
    extlib (0.9.15)
    fastthread (1.0.7)
    gem_plugin (0.2.3)
    gherkin (2.1.4)
      trollop (~> 1.16.2)
    highline (1.6.5)
    json_pure (1.4.6)
    launchy (2.0.5)
      addressable (~> 2.2.6)
    linecache (0.43)
    mailfactory (1.4.0)
      mime-types (>= 1.13.1)
    merb-assets (1.1.3)
      merb-core (~> 1.1.3)
    merb-auth-core (1.1.0)
      merb-core (~> 1.1.0)
    merb-auth-more (1.1.0)
      merb-auth-core (~> 1.1.0)
    merb-auth-slice-password (1.1.0)
      merb-auth-core (~> 1.1.0)
      merb-auth-more (~> 1.1.0)
      merb-slices (~> 1.1.0)
    merb-core (1.1.3)
      bundler
      erubis (>= 2.6.2)
      extlib (>= 0.9.13)
      mime-types (>= 1.16)
      rack
      rake
    merb-exceptions (1.1.3)
      merb-core (~> 1.1.3)
      merb-mailer (~> 1.1.3)
    merb-gen (1.1.3)
      merb-core (~> 1.1.3)
      templater (>= 1.0.0)
    merb-helpers (1.1.3)
      merb-core (~> 1.1.3)
    merb-mailer (1.1.3)
      mailfactory (>= 1.2.3)
      merb-core (~> 1.1.3)
    merb-param-protection (1.1.3)
      merb-core (~> 1.1.3)
    merb-slices (1.1.3)
      merb-core (~> 1.1.3)
    merb_activerecord (1.0.0.1)
      merb-core (>= 0.9.9)
    merb_cucumber (0.6.1)
      cucumber (>= 0.7.2)
      cucumber-rails
      merb-core (>= 1.1.0)
      merb-gen (>= 1.1.0)
    mime-types (1.17.2)
    mongrel (1.1.5)
      cgi_multipart_eof_fix (>= 2.4)
      daemons (>= 1.0.3)
      fastthread (>= 1.0.1)
      gem_plugin (>= 0.2.3)
    nokogiri (1.4.1)
    rack (1.3.5)
    rack-test (0.6.1)
      rack (>= 1.0)
    rake (0.9.2.2)
    rspec (1.3.0)
    ruby-debug (0.10.4)
      columnize (>= 0.1)
      ruby-debug-base (~> 0.10.4.0)
    ruby-debug-base (0.10.4)
      linecache (>= 0.3)
    sqlite3-ruby (1.2.5)
    templater (1.0.0)
      diff-lcs (>= 1.1.2)
      extlib (>= 0.9.5)
      highline (>= 1.4.0)
    term-ansicolor (1.0.7)
    trollop (1.16.2)
    webrat (0.7.1)
      nokogiri (>= 1.2.0)
      rack (>= 1.0)
      rack-test (>= 0.5.3)

PLATFORMS
  ruby

DEPENDENCIES
  activerecord (= 2.3.8)
  acts-as-list (= 0.1.2)
  cucumber (= 0.8.5)
  cucumber-rails (= 0.3.2)
  gherkin (= 2.1.4)
  launchy
  linecache (= 0.43)
  merb-assets (= 1.1.3)
  merb-auth-core (= 1.1.0)
  merb-auth-more (= 1.1.0)
  merb-auth-slice-password (= 1.1.0)
  merb-core (= 1.1.3)
  merb-exceptions (= 1.1.3)
  merb-helpers (= 1.1.3)
  merb-mailer (= 1.1.3)
  merb-param-protection (= 1.1.3)
  merb-slices (= 1.1.3)
  merb_activerecord
  merb_cucumber (= 0.6.1)
  mongrel
  nokogiri (= 1.4.1)
  rspec (= 1.3.0)
  ruby-debug
  sqlite3-ruby (= 1.2.5)
  webrat (= 0.7.1)
